PATH
  remote: .
  specs:
    adroller (3.4.0)
      activesupport (>= 3.2)
      httmultiparty (~> 0.3.13)
      httparty (~> 0.13.1)

GEM
  remote: https://rubygems.org/
  specs:
    activesupport (4.1.4)
      i18n (~> 0.6, >= 0.6.9)
      json (~> 1.7, >= 1.7.7)
      minitest (~> 5.1)
      thread_safe (~> 0.1)
      tzinfo (~> 1.1)
    addressable (2.5.2)
      public_suffix (>= 2.0.2, < 4.0)
    ast (2.3.0)
    byebug (9.0.5)
    codecov (0.1.5)
      json
      simplecov
      url
    coderay (1.1.1)
    crack (0.4.3)
      safe_yaml (~> 1.0.0)
    diff-lcs (1.2.5)
    docile (1.1.5)
    factory_girl (4.4.0)
      activesupport (>= 3.0.0)
    ffi (1.9.10)
    formatador (0.2.5)
    guard (2.14.0)
      formatador (>= 0.2.4)
      listen (>= 2.7, < 4.0)
      lumberjack (~> 1.0)
      nenv (~> 0.1)
      notiffany (~> 0.0)
      pry (>= 0.9.12)
      shellany (~> 0.0)
      thor (>= 0.18.1)
    guard-compat (1.2.1)
    guard-rspec (4.7.2)
      guard (~> 2.1)
      guard-compat (~> 1.1)
      rspec (>= 2.99.0, < 4.0)
    hashdiff (0.3.7)
    httmultiparty (0.3.16)
      httparty (>= 0.7.3)
      mimemagic
      multipart-post
    httparty (0.13.7)
      json (~> 1.8)
      multi_xml (>= 0.5.2)
    i18n (0.6.11)
    json (1.8.6)
    listen (3.1.5)
      rb-fsevent (~> 0.9, >= 0.9.4)
      rb-inotify (~> 0.9, >= 0.9.7)
      ruby_dep (~> 1.2)
    lumberjack (1.0.10)
    method_source (0.8.2)
    mimemagic (0.3.2)
    minitest (5.4.0)
    multi_xml (0.6.0)
    multipart-post (2.0.0)
    nenv (0.3.0)
    notiffany (0.1.0)
      nenv (~> 0.1)
      shellany (~> 0.0)
    parser (2.3.1.2)
      ast (~> 2.2)
    powerpack (0.1.1)
    pry (0.10.3)
      coderay (~> 1.1.0)
      method_source (~> 0.8.1)
      slop (~> 3.4)
    pry-byebug (3.4.0)
      byebug (~> 9.0)
      pry (~> 0.10)
    public_suffix (3.0.2)
    rainbow (2.1.0)
    rake (10.4.2)
    rb-fsevent (0.9.7)
    rb-inotify (0.9.7)
      ffi (>= 0.5.0)
    rspec (3.0.0)
      rspec-core (~> 3.0.0)
      rspec-expectations (~> 3.0.0)
      rspec-mocks (~> 3.0.0)
    rspec-core (3.0.4)
      rspec-support (~> 3.0.0)
    rspec-expectations (3.0.4)
      diff-lcs (>= 1.2.0, < 2.0)
      rspec-support (~> 3.0.0)
    rspec-mocks (3.0.4)
      rspec-support (~> 3.0.0)
    rspec-support (3.0.4)
    rubocop (0.45.0)
      parser (>= 2.3.1.1, < 3.0)
      powerpack (~> 0.1)
      rainbow (>= 1.99.1, < 3.0)
      ruby-progressbar (~> 1.7)
      unicode-display_width (~> 1.0, >= 1.0.1)
    ruby-progressbar (1.8.1)
    ruby_dep (1.3.1)
    safe_yaml (1.0.4)
    shellany (0.0.1)
    simplecov (0.11.2)
      docile (~> 1.1.0)
      json (~> 1.8)
      simplecov-html (~> 0.10.0)
    simplecov-html (0.10.0)
    slop (3.6.0)
    thor (0.19.1)
    thread_safe (0.3.4)
    tzinfo (1.2.2)
      thread_safe (~> 0.1)
    unicode-display_width (1.1.1)
    url (0.3.2)
    webmock (2.3.2)
      addressable (>= 2.3.6)
      crack (>= 0.3.2)
      hashdiff

PLATFORMS
  ruby

DEPENDENCIES
  adroller!
  bundler (~> 1.7)
  codecov
  factory_girl (~> 4.4, >= 4.4.0)
  guard
  guard-rspec
  pry-byebug (~> 3.4, >= 3.4.0)
  rake (~> 10.0)
  rspec (~> 3.0, >= 3.0.0)
  rubocop (~> 0.45.0)
  ruby_dep (~> 1.3.1)
  webmock (~> 2.3.2)

BUNDLED WITH
   1.16.1
